GEM
  remote: https://rubygems.org/
  specs:
    nio4r (2.5.9)
    puma (5.6.7)
      nio4r (~> 2.0)

PLATFORMS
  ruby

DEPENDENCIES
  puma

BUNDLED WITH
   1.17.3
