GEM
  remote: https://rubygems.org/
  specs:
    nio4r (2.7.3)
    puma (5.6.9)
      nio4r (~> 2.0)

PLATFORMS
  ruby

DEPENDENCIES
  puma

BUNDLED WITH
   1.17.3
